PATH
  remote: .
  specs:
    rugged-mysql (0.0.2)
      rugged (~> 0.21.2)

GEM
  remote: https://rubygems.org/
  specs:
    rake (10.3.2)
    rake-compiler (0.9.3)
      rake
    rugged (0.21.2)

PLATFORMS
  ruby

DEPENDENCIES
  bundler (~> 1.7)
  rake (~> 10.0)
  rake-compiler (~> 0.9.3)
  rugged-mysql!
